GEM
  remote: https://rubygems.org/
  specs:
    activesupport (5.2.1)
      concurrent-ruby (~> 1.0, >= 1.0.2)
      i18n (>= 0.7, < 2)
      minitest (~> 5.1)
      tzinfo (~> 1.1)
    concurrent-ruby (1.0.5)
    erb2haml (0.1.5)
      html2haml
    erubis (2.7.0)
    ffi (1.9.25)
    haml (5.0.4)
      temple (>= 0.8.0)
      tilt
    html2haml (2.2.0)
      erubis (~> 2.7.0)
      haml (>= 4.0, < 6)
      nokogiri (>= 1.6.0)
      ruby_parser (~> 3.5)
    i18n (1.1.0)
      concurrent-ruby (~> 1.0)
    mini_portile2 (2.3.0)
    minitest (5.11.3)
    nokogiri (1.8.4)
      mini_portile2 (~> 2.3.0)
    pg (0.21.0)
    puma (3.12.0)
    rack (2.0.5)
    rake (12.3.1)
    rb-fsevent (0.10.3)
    rb-inotify (0.9.10)
      ffi (>= 0.5.0, < 2)
    ruby_parser (3.11.0)
      sexp_processor (~> 4.9)
    sass (3.6.0)
      sass-listen (~> 4.0.0)
    sass-listen (4.0.0)
      rb-fsevent (~> 0.9, >= 0.9.4)
      rb-inotify (~> 0.9, >= 0.9.7)
    sexp_processor (4.11.0)
    slim (4.0.1)
      temple (>= 0.7.6, < 0.9)
      tilt (>= 2.0.6, < 2.1)
    sprockets (3.7.2)
      concurrent-ruby (~> 1.0)
      rack (> 1, < 3)
    temple (0.8.0)
    thread_safe (0.3.6)
    tilt (2.0.8)
    tzinfo (1.2.5)
      thread_safe (~> 0.1)

PLATFORMS
  ruby

DEPENDENCIES
  activesupport
  erb2haml
  i18n
  pg (~> 0.21)
  puma
  rack
  rake
  sass
  slim
  sprockets

RUBY VERSION
   ruby 2.4.2p198

BUNDLED WITH
   1.16.0
